RESTRICTION: || (== net5.0) (== netcoreapp2.1)
NUGET
  remote: https://api.nuget.org/v3/index.json
    Argu (6.1.1)
      FSharp.Core (>= 4.3.2)
      System.Configuration.ConfigurationManager (>= 4.4)
    Expecto (9.0.2)
      FSharp.Core (>= 4.6)
      Mono.Cecil (>= 0.11.2)
    Expecto.VisualStudio.TestAdapter (10.0.2)
    FAKE (5.16)
    FParsec (1.1.1)
      FSharp.Core (>= 4.3.4)
    FSharp.Core (4.7.2)
    Hopac (0.4.1)
      FSharp.Core (>= 4.5 < 5.0)
    Logary (5.0.1)
      FParsec (>= 1.1.1)
      FSharp.Core (>= 4.7)
      Hopac (>= 0.4.1)
      NodaTime (>= 2.4.8)
    Microsoft.NETCore.Platforms (2.2.1)
    Mono.Cecil (0.11.3)
    NodaTime (3.0)
      System.Runtime.CompilerServices.Unsafe (>= 4.7.1)
    System.Configuration.ConfigurationManager (4.5)
      System.Security.Cryptography.ProtectedData (>= 4.5)
      System.Security.Permissions (>= 4.5)
    System.Runtime.CompilerServices.Unsafe (4.7.1)
    System.Security.AccessControl (4.5)
      Microsoft.NETCore.Platforms (>= 2.0)
      System.Security.Principal.Windows (>= 4.5)
    System.Security.Cryptography.Cng (4.7)
    System.Security.Cryptography.ProtectedData (4.5)
    System.Security.Permissions (4.5)
      System.Security.AccessControl (>= 4.5)
    System.Security.Principal.Windows (4.5.1)
      Microsoft.NETCore.Platforms (>= 2.0)
GITHUB
  remote: bitthicket/logary
    src/Logary.Facade/Facade.fs (896c5dd6c9e49ca4b7ea13b3f21093141db3a116)
GROUP Build
NUGET
  remote: https://api.nuget.org/v3/index.json
    FAKE (5.8.4)
