RESTRICTION: >= netstandard2.0
NUGET
  remote: https://api.nuget.org/v3/index.json
    Argu (5.1)
      FSharp.Core (>= 4.0.0.1) - restriction: && (>= net45) (>= netstandard2.0)
      FSharp.Core (>= 4.3.2) - restriction: && (< net45) (>= netstandard2.0)
      System.Configuration.ConfigurationManager (>= 4.4) - restriction: && (< net45) (>= netstandard2.0)
    Expecto (8.0)
      Argu (>= 5.1)
      Mono.Cecil (>= 0.10)
      System.Diagnostics.FileVersionInfo (>= 4.3) - restriction: && (< net461) (>= netstandard2.0)
    FAKE (4.64.13)
    FSharp.Core (4.3.4)
    Microsoft.NETCore.Platforms (2.1) - restriction: || (&& (>= dnxcore50) (>= netstandard2.0)) (&& (< net45) (>= netstandard2.0) (< win8) (< wpa81)) (&& (< net46) (>= netstandard2.0)) (>= netcoreapp2.0)
    Microsoft.NETCore.Targets (2.1) - restriction: || (&& (>= dnxcore50) (>= netstandard2.0)) (&& (< net45) (>= netstandard2.0) (< win8) (< wpa81)) (&& (< net46) (>= netstandard2.0))
    Mono.Cecil (0.10)
      System.Collections (>= 4.0.11) - restriction: && (< net35) (>= netstandard2.0)
      System.IO.FileSystem (>= 4.0.1) - restriction: && (< net35) (>= netstandard2.0)
      System.IO.FileSystem.Primitives (>= 4.0.1) - restriction: && (< net35) (>= netstandard2.0)
      System.Reflection (>= 4.1) - restriction: && (< net35) (>= netstandard2.0)
      System.Runtime.Extensions (>= 4.1) - restriction: && (< net35) (>= netstandard2.0)
      System.Security.Cryptography.Algorithms (>= 4.2) - restriction: && (< net35) (>= netstandard2.0)
      System.Security.Cryptography.Csp (>= 4.0) - restriction: && (< net35) (>= netstandard2.0)
      System.Threading (>= 4.0.11) - restriction: && (< net35) (>= netstandard2.0)
    runtime.debian.8-x64.runtime.native.System.Security.Cryptography.OpenSsl (4.3.2) - restriction: && (< net35) (>= netstandard2.0)
    runtime.fedora.23-x64.runtime.native.System.Security.Cryptography.OpenSsl (4.3.2) - restriction: && (< net35) (>= netstandard2.0)
    runtime.fedora.24-x64.runtime.native.System.Security.Cryptography.OpenSsl (4.3.2) - restriction: && (< net35) (>= netstandard2.0)
    runtime.native.System.Security.Cryptography.Apple (4.3.1) - restriction: && (< net35) (>= netstandard2.0)
      runtime.osx.10.10-x64.runtime.native.System.Security.Cryptography.Apple (>= 4.3.1)
    runtime.native.System.Security.Cryptography.OpenSsl (4.3.2) - restriction: && (< net35) (>= netstandard2.0)
      runtime.debian.8-x64.runtime.native.System.Security.Cryptography.OpenSsl (>= 4.3.2)
      runtime.fedora.23-x64.runtime.native.System.Security.Cryptography.OpenSsl (>= 4.3.2)
      runtime.fedora.24-x64.runtime.native.System.Security.Cryptography.OpenSsl (>= 4.3.2)
      runtime.opensuse.13.2-x64.runtime.native.System.Security.Cryptography.OpenSsl (>= 4.3.2)
      runtime.opensuse.42.1-x64.runtime.native.System.Security.Cryptography.OpenSsl (>= 4.3.2)
      runtime.osx.10.10-x64.runtime.native.System.Security.Cryptography.OpenSsl (>= 4.3.2)
      runtime.rhel.7-x64.runtime.native.System.Security.Cryptography.OpenSsl (>= 4.3.2)
      runtime.ubuntu.14.04-x64.runtime.native.System.Security.Cryptography.OpenSsl (>= 4.3.2)
      runtime.ubuntu.16.04-x64.runtime.native.System.Security.Cryptography.OpenSsl (>= 4.3.2)
      runtime.ubuntu.16.10-x64.runtime.native.System.Security.Cryptography.OpenSsl (>= 4.3.2)
    runtime.opensuse.13.2-x64.runtime.native.System.Security.Cryptography.OpenSsl (4.3.2) - restriction: && (< net35) (>= netstandard2.0)
    runtime.opensuse.42.1-x64.runtime.native.System.Security.Cryptography.OpenSsl (4.3.2) - restriction: && (< net35) (>= netstandard2.0)
    runtime.osx.10.10-x64.runtime.native.System.Security.Cryptography.Apple (4.3.1) - restriction: && (< net35) (>= netstandard2.0)
    runtime.osx.10.10-x64.runtime.native.System.Security.Cryptography.OpenSsl (4.3.2) - restriction: && (< net35) (>= netstandard2.0)
    runtime.rhel.7-x64.runtime.native.System.Security.Cryptography.OpenSsl (4.3.2) - restriction: && (< net35) (>= netstandard2.0)
    runtime.ubuntu.14.04-x64.runtime.native.System.Security.Cryptography.OpenSsl (4.3.2) - restriction: && (< net35) (>= netstandard2.0)
    runtime.ubuntu.16.04-x64.runtime.native.System.Security.Cryptography.OpenSsl (4.3.2) - restriction: && (< net35) (>= netstandard2.0)
    runtime.ubuntu.16.10-x64.runtime.native.System.Security.Cryptography.OpenSsl (4.3.2) - restriction: && (< net35) (>= netstandard2.0)
    System.Buffers (4.5) - restriction: || (&& (< net45) (>= net461) (>= netstandard2.0)) (&& (< net45) (< netcoreapp2.0) (< netcoreapp2.1) (>= netstandard2.0)) (&& (< netstandard1.1) (>= netstandard2.0) (>= win8)) (&& (< netstandard1.1) (>= netstandard2.0) (< win8))
    System.Collections (4.3) - restriction: || (&& (>= dnxcore50) (>= netstandard2.0)) (&& (< net35) (>= netstandard2.0))
      Microsoft.NETCore.Platforms (>= 1.1) - restriction: || (&& (>= dnxcore50) (>= netstandard2.0)) (&& (< net45) (>= netstandard2.0) (< win8) (< wpa81))
      Microsoft.NETCore.Targets (>= 1.1) - restriction: || (&& (>= dnxcore50) (>= netstandard2.0)) (&& (< net45) (>= netstandard2.0) (< win8) (< wpa81))
      System.Runtime (>= 4.3) - restriction: || (&& (>= dnxcore50) (>= netstandard2.0)) (&& (< net45) (>= netstandard2.0) (< win8) (< wpa81))
    System.Collections.Concurrent (4.3) - restriction: || (&& (>= dnxcore50) (>= netstandard2.0)) (&& (< net35) (>= netstandard2.0))
      System.Collections (>= 4.3) - restriction: || (&& (>= dnxcore50) (>= netstandard2.0)) (&& (< net45) (>= netstandard2.0) (< win8) (< wpa81))
      System.Diagnostics.Debug (>= 4.3) - restriction: || (&& (>= dnxcore50) (>= netstandard2.0)) (&& (< net45) (>= netstandard2.0) (< win8) (< wpa81))
      System.Diagnostics.Tracing (>= 4.3) - restriction: || (&& (>= dnxcore50) (>= netstandard2.0)) (&& (< net45) (>= netstandard2.0) (< win8) (< wpa81))
      System.Globalization (>= 4.3) - restriction: || (&& (>= dnxcore50) (>= netstandard2.0)) (&& (< net45) (>= netstandard2.0) (< win8) (< wpa81))
      System.Reflection (>= 4.3) - restriction: && (< net45) (>= netstandard2.0) (< win8) (< wpa81)
      System.Resources.ResourceManager (>= 4.3) - restriction: || (&& (>= dnxcore50) (>= netstandard2.0)) (&& (< net45) (>= netstandard2.0) (< win8) (< wpa81))
      System.Runtime (>= 4.3) - restriction: || (&& (>= dnxcore50) (>= netstandard2.0)) (&& (< net45) (>= netstandard2.0) (< win8) (< wpa81))
      System.Runtime.Extensions (>= 4.3) - restriction: || (&& (>= dnxcore50) (>= netstandard2.0)) (&& (< net45) (>= netstandard2.0) (< win8) (< wpa81))
      System.Threading (>= 4.3) - restriction: || (&& (>= dnxcore50) (>= netstandard2.0)) (&& (< net45) (>= netstandard2.0) (< win8) (< wpa81))
      System.Threading.Tasks (>= 4.3) - restriction: || (&& (>= dnxcore50) (>= netstandard2.0)) (&& (< net45) (>= netstandard2.0) (< win8) (< wpa81))
    System.Collections.Immutable (1.5) - restriction: || (&& (>= dnxcore50) (>= netstandard2.0)) (&& (>= net45) (< net46) (>= netstandard2.0)) (&& (< net46) (< netcoreapp2.1) (>= netstandard2.0)) (&& (< netstandard1.1) (>= netstandard2.0) (>= win8)) (&& (< netstandard1.1) (>= netstandard2.0) (< win8))
    System.Configuration.ConfigurationManager (4.5) - restriction: && (< net45) (>= netstandard2.0)
      System.Security.Cryptography.ProtectedData (>= 4.5) - restriction: && (< net461) (>= netstandard2.0)
      System.Security.Permissions (>= 4.5)
    System.Diagnostics.Debug (4.3) - restriction: || (&& (>= dnxcore50) (>= netstandard2.0)) (&& (< net35) (>= netstandard2.0))
      Microsoft.NETCore.Platforms (>= 1.1) - restriction: || (&& (>= dnxcore50) (>= netstandard2.0)) (&& (< net45) (>= netstandard2.0) (< win8) (< wpa81))
      Microsoft.NETCore.Targets (>= 1.1) - restriction: || (&& (>= dnxcore50) (>= netstandard2.0)) (&& (< net45) (>= netstandard2.0) (< win8) (< wpa81))
      System.Runtime (>= 4.3) - restriction: || (&& (>= dnxcore50) (>= netstandard2.0)) (&& (< net45) (>= netstandard2.0) (< win8) (< wpa81))
    System.Diagnostics.FileVersionInfo (4.3) - restriction: && (< net461) (>= netstandard2.0)
      Microsoft.NETCore.Platforms (>= 1.1) - restriction: || (&& (>= dnxcore50) (>= netstandard2.0)) (&& (< net46) (>= netstandard2.0))
      System.Globalization (>= 4.3) - restriction: && (< net46) (>= netstandard2.0)
      System.IO (>= 4.3) - restriction: || (&& (>= dnxcore50) (>= netstandard2.0)) (&& (< net46) (>= netstandard2.0))
      System.IO.FileSystem (>= 4.3) - restriction: || (&& (>= dnxcore50) (>= netstandard2.0)) (&& (< net46) (>= netstandard2.0))
      System.IO.FileSystem.Primitives (>= 4.3) - restriction: || (&& (>= dnxcore50) (>= netstandard2.0)) (&& (< net46) (>= netstandard2.0))
      System.Reflection.Metadata (>= 1.4.1) - restriction: || (&& (>= dnxcore50) (>= netstandard2.0)) (&& (< net46) (>= netstandard2.0))
      System.Runtime (>= 4.3) - restriction: || (&& (>= dnxcore50) (>= netstandard2.0)) (&& (< net46) (>= netstandard2.0))
      System.Runtime.Extensions (>= 4.3) - restriction: || (&& (>= dnxcore50) (>= netstandard2.0)) (&& (< net46) (>= netstandard2.0))
      System.Runtime.InteropServices (>= 4.3) - restriction: && (< net46) (>= netstandard2.0)
    System.Diagnostics.Tracing (4.3) - restriction: || (&& (>= dnxcore50) (>= netstandard2.0)) (&& (< net35) (>= netstandard2.0) (< win8) (< wpa81))
      Microsoft.NETCore.Platforms (>= 1.1) - restriction: || (&& (>= dnxcore50) (>= netstandard2.0)) (&& (< net45) (< netstandard1.2) (>= netstandard2.0) (< win8)) (&& (< net45) (>= netstandard2.0) (< win8) (< wpa81))
      Microsoft.NETCore.Targets (>= 1.1) - restriction: || (&& (>= dnxcore50) (>= netstandard2.0)) (&& (< net45) (< netstandard1.2) (>= netstandard2.0) (< win8)) (&& (< net45) (>= netstandard2.0) (< win8) (< wpa81))
      System.Runtime (>= 4.3) - restriction: || (&& (>= dnxcore50) (>= netstandard2.0)) (&& (< net45) (< netstandard1.2) (>= netstandard2.0) (< win8)) (&& (< net45) (>= netstandard2.0) (< win8) (< wpa81))
    System.Globalization (4.3) - restriction: || (&& (>= dnxcore50) (>= netstandard2.0)) (&& (< net35) (>= netstandard2.0) (< win8) (< wpa81)) (&& (< net46) (>= netstandard2.0))
      Microsoft.NETCore.Platforms (>= 1.1) - restriction: || (&& (>= dnxcore50) (>= netstandard2.0)) (&& (< net45) (>= netstandard2.0) (< win8) (< wpa81))
      Microsoft.NETCore.Targets (>= 1.1) - restriction: || (&& (>= dnxcore50) (>= netstandard2.0)) (&& (< net45) (>= netstandard2.0) (< win8) (< wpa81))
      System.Runtime (>= 4.3) - restriction: || (&& (>= dnxcore50) (>= netstandard2.0)) (&& (< net45) (>= netstandard2.0) (< win8) (< wpa81))
    System.IO (4.3) - restriction: || (&& (>= dnxcore50) (>= netstandard2.0)) (&& (< net35) (>= netstandard2.0) (< win8) (< wpa81)) (&& (< net46) (>= netstandard2.0))
      Microsoft.NETCore.Platforms (>= 1.1) - restriction: || (&& (>= dnxcore50) (>= netstandard2.0)) (&& (< net45) (>= netstandard2.0) (< win8) (< wpa81))
      Microsoft.NETCore.Targets (>= 1.1) - restriction: || (&& (>= dnxcore50) (>= netstandard2.0)) (&& (< net45) (>= netstandard2.0) (< win8) (< wpa81))
      System.Runtime (>= 4.3) - restriction: || (&& (>= dnxcore50) (>= netstandard2.0)) (&& (< net45) (>= netstandard2.0) (< win8) (< wpa81))
      System.Text.Encoding (>= 4.3) - restriction: || (&& (>= dnxcore50) (>= netstandard2.0)) (&& (< net45) (>= netstandard2.0) (< win8) (< wpa81))
      System.Threading.Tasks (>= 4.3) - restriction: || (&& (>= dnxcore50) (>= netstandard2.0)) (&& (< net45) (>= netstandard2.0) (< win8) (< wpa81))
    System.IO.FileSystem (4.3) - restriction: || (&& (>= dnxcore50) (>= netstandard2.0)) (&& (< net46) (>= netstandard2.0))
      Microsoft.NETCore.Platforms (>= 1.1) - restriction: && (< net46) (>= netstandard2.0)
      Microsoft.NETCore.Targets (>= 1.1) - restriction: && (< net46) (>= netstandard2.0)
      System.IO (>= 4.3) - restriction: && (< net46) (>= netstandard2.0)
      System.IO.FileSystem.Primitives (>= 4.3)
      System.Runtime (>= 4.3) - restriction: && (< net46) (>= netstandard2.0)
      System.Runtime.Handles (>= 4.3) - restriction: && (< net46) (>= netstandard2.0)
      System.Text.Encoding (>= 4.3) - restriction: && (< net46) (>= netstandard2.0)
      System.Threading.Tasks (>= 4.3) - restriction: && (< net46) (>= netstandard2.0)
    System.IO.FileSystem.Primitives (4.3) - restriction: || (&& (>= dnxcore50) (>= netstandard2.0)) (&& (< net46) (>= netstandard2.0))
      System.Runtime (>= 4.3) - restriction: && (< net46) (>= netstandard2.0)
    System.Linq (4.3) - restriction: || (&& (>= dnxcore50) (>= netstandard2.0)) (&& (< net35) (>= netstandard2.0))
      System.Collections (>= 4.3) - restriction: || (&& (>= dnxcore50) (>= netstandard2.0)) (&& (< net45) (>= netstandard2.0) (< win8) (< wpa81))
      System.Diagnostics.Debug (>= 4.3) - restriction: || (&& (>= dnxcore50) (>= netstandard2.0)) (&& (< net45) (>= netstandard2.0) (< win8) (< wpa81))
      System.Resources.ResourceManager (>= 4.3) - restriction: || (&& (>= dnxcore50) (>= netstandard2.0)) (&& (< net45) (>= netstandard2.0) (< win8) (< wpa81))
      System.Runtime (>= 4.3) - restriction: || (&& (>= dnxcore50) (>= netstandard2.0)) (&& (< net45) (>= netstandard2.0) (< win8) (< wpa81))
      System.Runtime.Extensions (>= 4.3) - restriction: || (&& (>= dnxcore50) (>= netstandard2.0)) (&& (< net45) (>= netstandard2.0) (< win8) (< wpa81))
    System.Memory (4.5) - restriction: && (< net45) (< netcoreapp2.1) (>= netstandard2.0)
      System.Buffers (>= 4.4) - restriction: || (&& (< net45) (< netcoreapp2.0) (< netcoreapp2.1) (>= netstandard2.0)) (&& (>= net461) (>= netstandard2.0)) (&& (< netstandard1.1) (>= netstandard2.0) (>= win8)) (&& (< netstandard1.1) (>= netstandard2.0) (< win8))
      System.Numerics.Vectors (>= 4.4) - restriction: || (&& (< net45) (< netcoreapp2.0) (< netcoreapp2.1) (>= netstandard2.0)) (&& (>= net461) (>= netstandard2.0))
      System.Runtime.CompilerServices.Unsafe (>= 4.5) - restriction: || (&& (< net45) (< netcoreapp2.1) (>= netstandard2.0)) (&& (>= net461) (>= netstandard2.0)) (>= netcoreapp2.0) (&& (< netstandard1.1) (>= netstandard2.0) (>= win8)) (&& (< netstandard1.1) (>= netstandard2.0) (< win8)) (&& (>= netstandard2.0) (>= uap10.1))
    System.Numerics.Vectors (4.5) - restriction: || (&& (< net45) (>= net461) (>= netstandard2.0)) (&& (< net45) (< netcoreapp2.0) (< netcoreapp2.1) (>= netstandard2.0))
    System.Reflection (4.3) - restriction: || (&& (>= dnxcore50) (>= netstandard2.0)) (&& (< net35) (>= netstandard2.0)) (&& (< net45) (< netstandard1.2) (>= netstandard2.0) (< win8)) (&& (< net45) (>= netstandard2.0) (< win8) (< wpa81)) (&& (>= netcoreapp1.1) (>= netstandard2.0))
      Microsoft.NETCore.Platforms (>= 1.1) - restriction: || (&& (>= dnxcore50) (>= netstandard2.0)) (&& (< net45) (>= netstandard2.0) (< win8) (< wpa81))
      Microsoft.NETCore.Targets (>= 1.1) - restriction: || (&& (>= dnxcore50) (>= netstandard2.0)) (&& (< net45) (>= netstandard2.0) (< win8) (< wpa81))
      System.IO (>= 4.3) - restriction: || (&& (>= dnxcore50) (>= netstandard2.0)) (&& (< net45) (>= netstandard2.0) (< win8) (< wpa81))
      System.Reflection.Primitives (>= 4.3) - restriction: || (&& (>= dnxcore50) (>= netstandard2.0)) (&& (< net45) (>= netstandard2.0) (< win8) (< wpa81))
      System.Runtime (>= 4.3) - restriction: || (&& (>= dnxcore50) (>= netstandard2.0)) (&& (< net45) (>= netstandard2.0) (< win8) (< wpa81))
    System.Reflection.Metadata (1.6) - restriction: || (&& (>= dnxcore50) (>= netstandard2.0)) (&& (< net46) (>= netstandard2.0))
      System.Collections.Immutable (>= 1.5) - restriction: || (&& (>= net45) (>= netstandard2.0)) (&& (< netcoreapp2.1) (>= netstandard2.0)) (&& (< netstandard1.1) (>= netstandard2.0) (>= win8)) (&& (< netstandard1.1) (>= netstandard2.0) (< win8))
    System.Reflection.Primitives (4.3) - restriction: || (&& (>= dnxcore50) (>= netstandard2.0)) (&& (< net45) (< netstandard1.2) (>= netstandard2.0) (< win8)) (&& (< net45) (>= netstandard2.0) (< win8) (< wpa81)) (&& (>= netcoreapp1.1) (>= netstandard2.0))
      Microsoft.NETCore.Platforms (>= 1.1) - restriction: || (&& (>= dnxcore50) (>= netstandard2.0)) (&& (< net45) (>= netstandard2.0) (< win8) (< wpa81))
      Microsoft.NETCore.Targets (>= 1.1) - restriction: || (&& (>= dnxcore50) (>= netstandard2.0)) (&& (< net45) (>= netstandard2.0) (< win8) (< wpa81))
      System.Runtime (>= 4.3) - restriction: || (&& (>= dnxcore50) (>= netstandard2.0)) (&& (< net45) (>= netstandard2.0) (< win8) (< wpa81))
    System.Resources.ResourceManager (4.3) - restriction: || (&& (>= dnxcore50) (>= netstandard2.0)) (&& (< net35) (>= netstandard2.0))
      Microsoft.NETCore.Platforms (>= 1.1) - restriction: || (&& (>= dnxcore50) (>= netstandard2.0)) (&& (< net45) (>= netstandard2.0) (< win8) (< wpa81))
      Microsoft.NETCore.Targets (>= 1.1) - restriction: || (&& (>= dnxcore50) (>= netstandard2.0)) (&& (< net45) (>= netstandard2.0) (< win8) (< wpa81))
      System.Globalization (>= 4.3) - restriction: || (&& (>= dnxcore50) (>= netstandard2.0)) (&& (< net45) (>= netstandard2.0) (< win8) (< wpa81))
      System.Reflection (>= 4.3) - restriction: || (&& (>= dnxcore50) (>= netstandard2.0)) (&& (< net45) (>= netstandard2.0) (< win8) (< wpa81))
      System.Runtime (>= 4.3) - restriction: || (&& (>= dnxcore50) (>= netstandard2.0)) (&& (< net45) (>= netstandard2.0) (< win8) (< wpa81))
    System.Runtime (4.3) - restriction: || (&& (>= dnxcore50) (>= netstandard2.0)) (&& (< net45) (>= netstandard2.0) (< win8) (< wpa81)) (&& (< net46) (>= netstandard2.0))
      Microsoft.NETCore.Platforms (>= 1.1) - restriction: || (&& (>= dnxcore50) (>= netstandard2.0)) (&& (< net45) (< netstandard1.2) (>= netstandard2.0) (< win8)) (&& (< net45) (>= netstandard2.0) (< win8) (< wpa81))
      Microsoft.NETCore.Targets (>= 1.1) - restriction: || (&& (>= dnxcore50) (>= netstandard2.0)) (&& (< net45) (< netstandard1.2) (>= netstandard2.0) (< win8)) (&& (< net45) (>= netstandard2.0) (< win8) (< wpa81))
    System.Runtime.CompilerServices.Unsafe (4.5) - restriction: || (&& (< net45) (>= net461) (>= netstandard2.0)) (&& (< net45) (< netcoreapp2.1) (>= netstandard2.0)) (>= netcoreapp2.0) (&& (< netstandard1.1) (>= netstandard2.0) (>= win8)) (&& (< netstandard1.1) (>= netstandard2.0) (< win8)) (&& (>= netstandard2.0) (>= uap10.1))
    System.Runtime.Extensions (4.3) - restriction: || (&& (>= dnxcore50) (>= netstandard2.0)) (&& (< net35) (>= netstandard2.0) (< win8) (< wpa81)) (&& (< net46) (>= netstandard2.0))
      Microsoft.NETCore.Platforms (>= 1.1) - restriction: || (&& (>= dnxcore50) (>= netstandard2.0)) (&& (< net45) (>= netstandard2.0) (< win8) (< wpa81))
      Microsoft.NETCore.Targets (>= 1.1) - restriction: || (&& (>= dnxcore50) (>= netstandard2.0)) (&& (< net45) (>= netstandard2.0) (< win8) (< wpa81))
      System.Runtime (>= 4.3) - restriction: || (&& (>= dnxcore50) (>= netstandard2.0)) (&& (< net45) (>= netstandard2.0) (< win8) (< wpa81))
    System.Runtime.Handles (4.3) - restriction: || (&& (>= dnxcore50) (>= netstandard2.0)) (&& (< net45) (>= netstandard2.0) (< win8) (< wpa81)) (&& (< net46) (>= netstandard2.0)) (&& (>= netcoreapp1.1) (>= netstandard2.0))
      Microsoft.NETCore.Platforms (>= 1.1) - restriction: && (< net46) (>= netstandard2.0)
      Microsoft.NETCore.Targets (>= 1.1) - restriction: && (< net46) (>= netstandard2.0)
      System.Runtime (>= 4.3) - restriction: && (< net46) (>= netstandard2.0)
    System.Runtime.InteropServices (4.3) - restriction: && (< net46) (>= netstandard2.0)
      Microsoft.NETCore.Platforms (>= 1.1) - restriction: || (&& (>= dnxcore50) (>= netstandard2.0)) (&& (< net45) (< netstandard1.2) (>= netstandard2.0) (< win8)) (&& (< net45) (>= netstandard2.0) (< win8) (< wpa81)) (&& (>= netcoreapp1.1) (>= netstandard2.0))
      Microsoft.NETCore.Targets (>= 1.1) - restriction: || (&& (>= dnxcore50) (>= netstandard2.0)) (&& (< net45) (< netstandard1.2) (>= netstandard2.0) (< win8)) (&& (< net45) (>= netstandard2.0) (< win8) (< wpa81)) (&& (>= netcoreapp1.1) (>= netstandard2.0))
      System.Reflection (>= 4.3) - restriction: || (&& (>= dnxcore50) (>= netstandard2.0)) (&& (< net45) (< netstandard1.2) (>= netstandard2.0) (< win8)) (&& (< net45) (>= netstandard2.0) (< win8) (< wpa81)) (&& (>= netcoreapp1.1) (>= netstandard2.0))
      System.Reflection.Primitives (>= 4.3) - restriction: || (&& (>= dnxcore50) (>= netstandard2.0)) (&& (< net45) (< netstandard1.2) (>= netstandard2.0) (< win8)) (&& (< net45) (>= netstandard2.0) (< win8) (< wpa81)) (&& (>= netcoreapp1.1) (>= netstandard2.0))
      System.Runtime (>= 4.3) - restriction: || (&& (>= dnxcore50) (>= netstandard2.0)) (&& (< net45) (< netstandard1.2) (>= netstandard2.0) (< win8)) (&& (< net45) (>= netstandard2.0) (< win8) (< wpa81)) (&& (>= net462) (>= netstandard2.0)) (&& (>= netcoreapp1.1) (>= netstandard2.0))
      System.Runtime.Handles (>= 4.3) - restriction: || (&& (>= dnxcore50) (>= netstandard2.0)) (&& (< net45) (>= netstandard2.0) (< win8) (< wpa81)) (&& (>= netcoreapp1.1) (>= netstandard2.0))
    System.Runtime.Numerics (4.3) - restriction: && (< net35) (>= netstandard2.0)
      System.Globalization (>= 4.3) - restriction: || (&& (>= dnxcore50) (>= netstandard2.0)) (&& (< net45) (>= netstandard2.0) (< win8) (< wpa81))
      System.Resources.ResourceManager (>= 4.3) - restriction: || (&& (>= dnxcore50) (>= netstandard2.0)) (&& (< net45) (>= netstandard2.0) (< win8) (< wpa81))
      System.Runtime (>= 4.3) - restriction: || (&& (>= dnxcore50) (>= netstandard2.0)) (&& (< net45) (>= netstandard2.0) (< win8) (< wpa81))
      System.Runtime.Extensions (>= 4.3) - restriction: || (&& (>= dnxcore50) (>= netstandard2.0)) (&& (< net45) (>= netstandard2.0) (< win8) (< wpa81))
    System.Security.AccessControl (4.5) - restriction: || (&& (>= monoandroid) (>= netstandard2.0)) (&& (>= monotouch) (>= netstandard2.0)) (&& (< net45) (>= netstandard2.0)) (&& (>= netstandard2.0) (>= xamarinios)) (&& (>= netstandard2.0) (>= xamarinmac)) (&& (>= netstandard2.0) (>= xamarintvos)) (&& (>= netstandard2.0) (>= xamarinwatchos))
      Microsoft.NETCore.Platforms (>= 2.0) - restriction: >= netcoreapp2.0
      System.Security.Principal.Windows (>= 4.5)
    System.Security.Cryptography.Algorithms (4.3.1) - restriction: && (< net35) (>= netstandard2.0)
      Microsoft.NETCore.Platforms (>= 1.1) - restriction: || (&& (>= dnxcore50) (>= netstandard2.0)) (&& (< net46) (>= netstandard2.0))
      runtime.native.System.Security.Cryptography.Apple (>= 4.3.1) - restriction: && (< net46) (>= netstandard2.0)
      runtime.native.System.Security.Cryptography.OpenSsl (>= 4.3.2) - restriction: && (< net46) (>= netstandard2.0)
      System.Collections (>= 4.3) - restriction: && (< net46) (>= netstandard2.0)
      System.IO (>= 4.3)
      System.Resources.ResourceManager (>= 4.3) - restriction: || (&& (>= dnxcore50) (>= netstandard2.0)) (&& (< net46) (>= netstandard2.0))
      System.Runtime (>= 4.3)
      System.Runtime.Extensions (>= 4.3) - restriction: || (&& (>= dnxcore50) (>= netstandard2.0)) (&& (< net46) (>= netstandard2.0))
      System.Runtime.Handles (>= 4.3) - restriction: || (&& (>= dnxcore50) (>= netstandard2.0)) (&& (< net46) (>= netstandard2.0))
      System.Runtime.InteropServices (>= 4.3) - restriction: || (&& (>= dnxcore50) (>= netstandard2.0)) (&& (< net46) (>= netstandard2.0))
      System.Runtime.Numerics (>= 4.3) - restriction: && (< net46) (>= netstandard2.0)
      System.Security.Cryptography.Encoding (>= 4.3)
      System.Security.Cryptography.Primitives (>= 4.3)
      System.Text.Encoding (>= 4.3) - restriction: || (&& (>= dnxcore50) (>= netstandard2.0)) (&& (< net46) (>= netstandard2.0))
    System.Security.Cryptography.Csp (4.3) - restriction: && (< net35) (>= netstandard2.0)
      Microsoft.NETCore.Platforms (>= 1.1) - restriction: && (< net46) (>= netstandard2.0)
      System.IO (>= 4.3) - restriction: && (< net46) (>= netstandard2.0)
      System.Reflection (>= 4.3) - restriction: && (< net46) (>= netstandard2.0)
      System.Resources.ResourceManager (>= 4.3) - restriction: && (< net46) (>= netstandard2.0)
      System.Runtime (>= 4.3) - restriction: && (< net46) (>= netstandard2.0)
      System.Runtime.Extensions (>= 4.3) - restriction: && (< net46) (>= netstandard2.0)
      System.Runtime.Handles (>= 4.3) - restriction: && (< net46) (>= netstandard2.0)
      System.Runtime.InteropServices (>= 4.3) - restriction: && (< net46) (>= netstandard2.0)
      System.Security.Cryptography.Algorithms (>= 4.3)
      System.Security.Cryptography.Encoding (>= 4.3) - restriction: && (< net46) (>= netstandard2.0)
      System.Security.Cryptography.Primitives (>= 4.3)
      System.Text.Encoding (>= 4.3) - restriction: && (< net46) (>= netstandard2.0)
      System.Threading (>= 4.3) - restriction: && (< net46) (>= netstandard2.0)
    System.Security.Cryptography.Encoding (4.3) - restriction: || (&& (>= dnxcore50) (>= netstandard2.0)) (&& (< net35) (>= netstandard2.0))
      Microsoft.NETCore.Platforms (>= 1.1) - restriction: && (< net46) (>= netstandard2.0)
      runtime.native.System.Security.Cryptography.OpenSsl (>= 4.3) - restriction: && (< net46) (>= netstandard2.0)
      System.Collections (>= 4.3) - restriction: && (< net46) (>= netstandard2.0)
      System.Collections.Concurrent (>= 4.3) - restriction: && (< net46) (>= netstandard2.0)
      System.Linq (>= 4.3) - restriction: && (< net46) (>= netstandard2.0)
      System.Resources.ResourceManager (>= 4.3) - restriction: && (< net46) (>= netstandard2.0)
      System.Runtime (>= 4.3) - restriction: && (< net46) (>= netstandard2.0)
      System.Runtime.Extensions (>= 4.3) - restriction: && (< net46) (>= netstandard2.0)
      System.Runtime.Handles (>= 4.3) - restriction: && (< net46) (>= netstandard2.0)
      System.Runtime.InteropServices (>= 4.3) - restriction: && (< net46) (>= netstandard2.0)
      System.Security.Cryptography.Primitives (>= 4.3) - restriction: && (< net46) (>= netstandard2.0)
      System.Text.Encoding (>= 4.3) - restriction: && (< net46) (>= netstandard2.0)
    System.Security.Cryptography.Primitives (4.3) - restriction: || (&& (>= dnxcore50) (>= netstandard2.0)) (&& (< net35) (>= netstandard2.0))
      System.Diagnostics.Debug (>= 4.3) - restriction: && (< net46) (>= netstandard2.0)
      System.Globalization (>= 4.3) - restriction: && (< net46) (>= netstandard2.0)
      System.IO (>= 4.3) - restriction: && (< net46) (>= netstandard2.0)
      System.Resources.ResourceManager (>= 4.3) - restriction: && (< net46) (>= netstandard2.0)
      System.Runtime (>= 4.3) - restriction: && (< net46) (>= netstandard2.0)
      System.Threading (>= 4.3) - restriction: && (< net46) (>= netstandard2.0)
      System.Threading.Tasks (>= 4.3) - restriction: && (< net46) (>= netstandard2.0)
    System.Security.Cryptography.ProtectedData (4.5) - restriction: && (< net45) (>= netstandard2.0)
      System.Memory (>= 4.5) - restriction: && (< net46) (< netcoreapp2.1) (>= netstandard2.0)
    System.Security.Permissions (4.5) - restriction: || (&& (>= monoandroid) (>= netstandard2.0)) (&& (>= monotouch) (>= netstandard2.0)) (&& (< net45) (>= netstandard2.0)) (&& (>= netstandard2.0) (>= xamarinios)) (&& (>= netstandard2.0) (>= xamarinmac)) (&& (>= netstandard2.0) (>= xamarintvos)) (&& (>= netstandard2.0) (>= xamarinwatchos))
      System.Security.AccessControl (>= 4.5)
    System.Security.Principal.Windows (4.5) - restriction: || (&& (>= monoandroid) (>= netstandard2.0)) (&& (>= monotouch) (>= netstandard2.0)) (&& (< net45) (>= netstandard2.0)) (>= netcoreapp2.0) (&& (>= netstandard2.0) (>= xamarinios)) (&& (>= netstandard2.0) (>= xamarinmac)) (&& (>= netstandard2.0) (>= xamarintvos)) (&& (>= netstandard2.0) (>= xamarinwatchos))
      Microsoft.NETCore.Platforms (>= 2.0) - restriction: >= netcoreapp2.0
    System.Text.Encoding (4.3) - restriction: || (&& (>= dnxcore50) (>= netstandard2.0)) (&& (< net45) (>= netstandard2.0) (< win8) (< wpa81)) (&& (< net46) (>= netstandard2.0))
      Microsoft.NETCore.Platforms (>= 1.1) - restriction: || (&& (>= dnxcore50) (>= netstandard2.0)) (&& (< net45) (>= netstandard2.0) (< win8) (< wpa81))
      Microsoft.NETCore.Targets (>= 1.1) - restriction: || (&& (>= dnxcore50) (>= netstandard2.0)) (&& (< net45) (>= netstandard2.0) (< win8) (< wpa81))
      System.Runtime (>= 4.3) - restriction: || (&& (>= dnxcore50) (>= netstandard2.0)) (&& (< net45) (>= netstandard2.0) (< win8) (< wpa81))
    System.Threading (4.3) - restriction: || (&& (>= dnxcore50) (>= netstandard2.0)) (&& (< net35) (>= netstandard2.0))
      System.Runtime (>= 4.3) - restriction: || (&& (>= dnxcore50) (>= netstandard2.0)) (&& (< net45) (>= netstandard2.0) (< win8) (< wpa81))
      System.Threading.Tasks (>= 4.3) - restriction: || (&& (>= dnxcore50) (>= netstandard2.0)) (&& (< net45) (>= netstandard2.0) (< win8) (< wpa81))
    System.Threading.Tasks (4.3) - restriction: || (&& (>= dnxcore50) (>= netstandard2.0)) (&& (< net45) (>= netstandard2.0) (< win8) (< wpa81)) (&& (< net46) (>= netstandard2.0))
      Microsoft.NETCore.Platforms (>= 1.1) - restriction: || (&& (>= dnxcore50) (>= netstandard2.0)) (&& (< net45) (>= netstandard2.0) (< win8) (< wpa81))
      Microsoft.NETCore.Targets (>= 1.1) - restriction: || (&& (>= dnxcore50) (>= netstandard2.0)) (&& (< net45) (>= netstandard2.0) (< win8) (< wpa81))
      System.Runtime (>= 4.3) - restriction: || (&& (>= dnxcore50) (>= netstandard2.0)) (&& (< net45) (>= netstandard2.0) (< win8) (< wpa81))

GROUP Build
NUGET
  remote: https://api.nuget.org/v3/index.json
    FAKE (4.64.13)
