RESTRICTION: >= netstandard2.0
NUGET
  remote: https://api.nuget.org/v3/index.json
    Argu (5.1)
      FSharp.Core (>= 4.0.0.1) - restriction: && (>= net45) (>= netstandard2.0)
      FSharp.Core (>= 4.3.2) - restriction: && (< net45) (>= netstandard2.0)
      System.Configuration.ConfigurationManager (>= 4.4) - restriction: && (< net45) (>= netstandard2.0)
    CommandLineParser.FSharp (2.2.1)
      FSharp.Core (>= 4.0.0.1) - restriction: || (&& (>= net40) (< netstandard1.5) (>= netstandard2.0)) (&& (>= net45) (>= netstandard2.0))
      System.Collections (>= 4.0.11-rc2-24027) - restriction: && (< net40) (>= netstandard2.0)
      System.Console (>= 4.0.0-rc2-24027) - restriction: && (< net40) (>= netstandard2.0)
      System.Diagnostics.Debug (>= 4.0.11-rc2-24027) - restriction: && (< net40) (>= netstandard2.0)
      System.Globalization (>= 4.0.11-rc2-24027) - restriction: && (< net40) (>= netstandard2.0)
      System.IO (>= 4.1.0-rc2-24027) - restriction: && (< net40) (>= netstandard2.0)
      System.Linq (>= 4.1.0-rc2-24027) - restriction: && (< net40) (>= netstandard2.0)
      System.Linq.Expressions (>= 4.0.11-rc2-24027) - restriction: && (< net40) (>= netstandard2.0)
      System.Reflection (>= 4.1.0-rc2-24027) - restriction: && (< net40) (>= netstandard2.0)
      System.Reflection.Extensions (>= 4.0.1-rc2-24027) - restriction: && (< net40) (>= netstandard2.0)
      System.Reflection.TypeExtensions (>= 4.1.0-rc2-24027) - restriction: && (< net40) (>= netstandard2.0)
      System.Resources.ResourceManager (>= 4.0.1-rc2-24027) - restriction: && (< net40) (>= netstandard2.0)
      System.Runtime (>= 4.1.0-rc2-24027) - restriction: && (< net40) (>= netstandard2.0)
      System.Runtime.Extensions (>= 4.1.0-rc2-24027) - restriction: && (< net40) (>= netstandard2.0)
    Expecto (8.1.1)
      Argu (>= 5.1)
      Mono.Cecil (>= 0.10)
      System.Diagnostics.FileVersionInfo (>= 4.3) - restriction: && (< net461) (>= netstandard2.0)
    Expecto.visualStudio.TestAdapter (10.0.2)
      Expecto (>= 8.0 < 9.0) - restriction: && (>= net461) (>= netstandard2.0)
      FSharp.Core (>= 4.0 < 5.0) - restriction: && (>= net461) (>= netstandard2.0)
      Microsoft.TestPlatform.ObjectModel (>= 15.0 < 16.0) - restriction: && (>= net461) (>= netstandard2.0)
      Mono.Cecil (>= 0.10 < 0.11) - restriction: && (>= net461) (>= netstandard2.0)
      Newtonsoft.Json (>= 11.0.2 < 12.0) - restriction: && (>= net461) (>= netstandard2.0)
    FAKE (5.0)
    FSharp.Core (4.5)
    Microsoft.NETCore.Platforms (2.1) - restriction: || (&& (>= dnxcore50) (>= netstandard2.0)) (&& (< net40) (>= netstandard2.0) (< win8) (< wpa81)) (&& (< net46) (>= netstandard2.0)) (>= netcoreapp2.0)
    Microsoft.NETCore.Targets (2.1) - restriction: || (&& (>= dnxcore50) (>= netstandard2.0)) (&& (< net40) (>= netstandard2.0))
    Microsoft.TestPlatform.ObjectModel (15.9.1) - restriction: && (>= net461) (>= netstandard2.0)
      System.Reflection.Metadata (>= 1.3)
      System.Runtime.InteropServices.RuntimeInformation (>= 4.3) - restriction: && (>= net451) (>= netstandard2.0)
    Mono.Cecil (0.10)
    Newtonsoft.Json (11.0.2) - restriction: && (>= net461) (>= netstandard2.0)
    System.Buffers (4.5) - restriction: || (&& (< net45) (>= net461) (>= netstandard2.0)) (&& (< net45) (< netcoreapp2.0) (< netcoreapp2.1) (>= netstandard2.0)) (&& (< netstandard1.1) (>= netstandard2.0) (>= win8)) (&& (< netstandard1.1) (>= netstandard2.0) (< win8))
    System.Collections (4.3) - restriction: || (&& (>= dnxcore50) (>= netstandard2.0)) (&& (< net40) (>= netstandard2.0))
      Microsoft.NETCore.Platforms (>= 1.1) - restriction: || (&& (>= dnxcore50) (>= netstandard2.0)) (&& (< net45) (>= netstandard2.0) (< win8) (< wpa81))
      Microsoft.NETCore.Targets (>= 1.1) - restriction: || (&& (>= dnxcore50) (>= netstandard2.0)) (&& (< net45) (>= netstandard2.0) (< win8) (< wpa81))
      System.Runtime (>= 4.3) - restriction: || (&& (>= dnxcore50) (>= netstandard2.0)) (&& (< net45) (>= netstandard2.0) (< win8) (< wpa81))
    System.Collections.Immutable (1.5) - restriction: || (&& (>= dnxcore50) (>= netstandard2.0)) (&& (>= net45) (< net46) (>= netstandard2.0)) (&& (< net46) (< netcoreapp2.1) (>= netstandard2.0)) (&& (< netstandard1.1) (>= netstandard2.0) (>= win8)) (&& (< netstandard1.1) (>= netstandard2.0) (< win8))
    System.Configuration.ConfigurationManager (4.5) - restriction: && (< net45) (>= netstandard2.0)
      System.Security.Cryptography.ProtectedData (>= 4.5) - restriction: && (< net461) (>= netstandard2.0)
      System.Security.Permissions (>= 4.5)
    System.Console (4.3.1) - restriction: && (< net40) (>= netstandard2.0)
      Microsoft.NETCore.Platforms (>= 1.1) - restriction: && (< net46) (>= netstandard2.0)
      Microsoft.NETCore.Targets (>= 1.1.2) - restriction: && (< net46) (>= netstandard2.0)
      System.IO (>= 4.3) - restriction: && (< net46) (>= netstandard2.0)
      System.Runtime (>= 4.3) - restriction: && (< net46) (>= netstandard2.0)
      System.Text.Encoding (>= 4.3) - restriction: && (< net46) (>= netstandard2.0)
    System.Diagnostics.Debug (4.3) - restriction: || (&& (>= dnxcore50) (>= netstandard2.0)) (&& (< net40) (>= netstandard2.0))
      Microsoft.NETCore.Platforms (>= 1.1) - restriction: || (&& (>= dnxcore50) (>= netstandard2.0)) (&& (< net45) (>= netstandard2.0) (< win8) (< wpa81))
      Microsoft.NETCore.Targets (>= 1.1) - restriction: || (&& (>= dnxcore50) (>= netstandard2.0)) (&& (< net45) (>= netstandard2.0) (< win8) (< wpa81))
      System.Runtime (>= 4.3) - restriction: || (&& (>= dnxcore50) (>= netstandard2.0)) (&& (< net45) (>= netstandard2.0) (< win8) (< wpa81))
    System.Diagnostics.FileVersionInfo (4.3) - restriction: && (< net461) (>= netstandard2.0)
      Microsoft.NETCore.Platforms (>= 1.1) - restriction: || (&& (>= dnxcore50) (>= netstandard2.0)) (&& (< net46) (>= netstandard2.0))
      System.Globalization (>= 4.3) - restriction: && (< net46) (>= netstandard2.0)
      System.IO (>= 4.3) - restriction: || (&& (>= dnxcore50) (>= netstandard2.0)) (&& (< net46) (>= netstandard2.0))
      System.IO.FileSystem (>= 4.3) - restriction: || (&& (>= dnxcore50) (>= netstandard2.0)) (&& (< net46) (>= netstandard2.0))
      System.IO.FileSystem.Primitives (>= 4.3) - restriction: || (&& (>= dnxcore50) (>= netstandard2.0)) (&& (< net46) (>= netstandard2.0))
      System.Reflection.Metadata (>= 1.4.1) - restriction: || (&& (>= dnxcore50) (>= netstandard2.0)) (&& (< net46) (>= netstandard2.0))
      System.Runtime (>= 4.3) - restriction: || (&& (>= dnxcore50) (>= netstandard2.0)) (&& (< net46) (>= netstandard2.0))
      System.Runtime.Extensions (>= 4.3) - restriction: || (&& (>= dnxcore50) (>= netstandard2.0)) (&& (< net46) (>= netstandard2.0))
      System.Runtime.InteropServices (>= 4.3) - restriction: && (< net46) (>= netstandard2.0)
    System.Globalization (4.3) - restriction: || (&& (>= dnxcore50) (>= netstandard2.0)) (&& (< net40) (>= netstandard2.0) (< win8) (< wpa81)) (&& (< net46) (>= netstandard2.0))
      Microsoft.NETCore.Platforms (>= 1.1) - restriction: || (&& (>= dnxcore50) (>= netstandard2.0)) (&& (< net45) (>= netstandard2.0) (< win8) (< wpa81))
      Microsoft.NETCore.Targets (>= 1.1) - restriction: || (&& (>= dnxcore50) (>= netstandard2.0)) (&& (< net45) (>= netstandard2.0) (< win8) (< wpa81))
      System.Runtime (>= 4.3) - restriction: || (&& (>= dnxcore50) (>= netstandard2.0)) (&& (< net45) (>= netstandard2.0) (< win8) (< wpa81))
    System.IO (4.3) - restriction: || (&& (>= dnxcore50) (>= netstandard2.0)) (&& (< net40) (>= netstandard2.0) (< win8) (< wpa81)) (&& (< net46) (>= netstandard2.0))
      Microsoft.NETCore.Platforms (>= 1.1) - restriction: || (&& (>= dnxcore50) (>= netstandard2.0)) (&& (< net45) (>= netstandard2.0) (< win8) (< wpa81))
      Microsoft.NETCore.Targets (>= 1.1) - restriction: || (&& (>= dnxcore50) (>= netstandard2.0)) (&& (< net45) (>= netstandard2.0) (< win8) (< wpa81))
      System.Runtime (>= 4.3) - restriction: || (&& (>= dnxcore50) (>= netstandard2.0)) (&& (< net45) (>= netstandard2.0) (< win8) (< wpa81))
      System.Text.Encoding (>= 4.3) - restriction: || (&& (>= dnxcore50) (>= netstandard2.0)) (&& (< net45) (>= netstandard2.0) (< win8) (< wpa81))
      System.Threading.Tasks (>= 4.3) - restriction: || (&& (>= dnxcore50) (>= netstandard2.0)) (&& (< net45) (>= netstandard2.0) (< win8) (< wpa81))
    System.IO.FileSystem (4.3) - restriction: || (&& (>= dnxcore50) (>= netstandard2.0)) (&& (< net46) (>= netstandard2.0))
      Microsoft.NETCore.Platforms (>= 1.1) - restriction: && (< net46) (>= netstandard2.0)
      Microsoft.NETCore.Targets (>= 1.1) - restriction: && (< net46) (>= netstandard2.0)
      System.IO (>= 4.3) - restriction: && (< net46) (>= netstandard2.0)
      System.IO.FileSystem.Primitives (>= 4.3)
      System.Runtime (>= 4.3) - restriction: && (< net46) (>= netstandard2.0)
      System.Runtime.Handles (>= 4.3) - restriction: && (< net46) (>= netstandard2.0)
      System.Text.Encoding (>= 4.3) - restriction: && (< net46) (>= netstandard2.0)
      System.Threading.Tasks (>= 4.3) - restriction: && (< net46) (>= netstandard2.0)
    System.IO.FileSystem.Primitives (4.3) - restriction: || (&& (>= dnxcore50) (>= netstandard2.0)) (&& (< net46) (>= netstandard2.0))
      System.Runtime (>= 4.3) - restriction: && (< net46) (>= netstandard2.0)
    System.Linq (4.3) - restriction: || (&& (>= dnxcore50) (>= netstandard2.0)) (&& (< net40) (>= netstandard2.0))
      System.Collections (>= 4.3) - restriction: || (&& (>= dnxcore50) (>= netstandard2.0)) (&& (< net45) (>= netstandard2.0) (< win8) (< wpa81))
      System.Diagnostics.Debug (>= 4.3) - restriction: || (&& (>= dnxcore50) (>= netstandard2.0)) (&& (< net45) (>= netstandard2.0) (< win8) (< wpa81))
      System.Resources.ResourceManager (>= 4.3) - restriction: || (&& (>= dnxcore50) (>= netstandard2.0)) (&& (< net45) (>= netstandard2.0) (< win8) (< wpa81))
      System.Runtime (>= 4.3) - restriction: || (&& (>= dnxcore50) (>= netstandard2.0)) (&& (< net45) (>= netstandard2.0) (< win8) (< wpa81))
      System.Runtime.Extensions (>= 4.3) - restriction: || (&& (>= dnxcore50) (>= netstandard2.0)) (&& (< net45) (>= netstandard2.0) (< win8) (< wpa81))
    System.Linq.Expressions (4.3) - restriction: && (< net40) (>= netstandard2.0)
      System.Collections (>= 4.3) - restriction: || (&& (>= dnxcore50) (>= netstandard2.0)) (&& (< net45) (>= netstandard2.0))
      System.Diagnostics.Debug (>= 4.3) - restriction: || (&& (>= dnxcore50) (>= netstandard2.0)) (&& (< net45) (>= netstandard2.0))
      System.Globalization (>= 4.3) - restriction: || (&& (>= dnxcore50) (>= netstandard2.0)) (&& (< net45) (>= netstandard2.0))
      System.IO (>= 4.3) - restriction: || (&& (>= dnxcore50) (>= netstandard2.0)) (&& (< net45) (>= netstandard2.0))
      System.Linq (>= 4.3) - restriction: || (&& (>= dnxcore50) (>= netstandard2.0)) (&& (< net45) (>= netstandard2.0))
      System.ObjectModel (>= 4.3) - restriction: && (< net45) (>= netstandard2.0)
      System.Reflection (>= 4.3) - restriction: || (&& (>= dnxcore50) (>= netstandard2.0)) (&& (< net45) (>= netstandard2.0))
      System.Reflection.Emit (>= 4.3) - restriction: && (< net45) (>= netstandard2.0)
      System.Reflection.Emit.ILGeneration (>= 4.3) - restriction: || (&& (>= dnxcore50) (>= netstandard2.0)) (&& (< net45) (>= netstandard2.0))
      System.Reflection.Emit.Lightweight (>= 4.3) - restriction: || (&& (>= dnxcore50) (>= netstandard2.0)) (&& (< net45) (>= netstandard2.0))
      System.Reflection.Extensions (>= 4.3) - restriction: || (&& (>= dnxcore50) (>= netstandard2.0)) (&& (< net45) (>= netstandard2.0))
      System.Reflection.Primitives (>= 4.3) - restriction: || (&& (>= dnxcore50) (>= netstandard2.0)) (&& (< net45) (>= netstandard2.0))
      System.Reflection.TypeExtensions (>= 4.3) - restriction: || (&& (>= dnxcore50) (>= netstandard2.0)) (&& (< net45) (>= netstandard2.0))
      System.Resources.ResourceManager (>= 4.3) - restriction: || (&& (>= dnxcore50) (>= netstandard2.0)) (&& (< net45) (>= netstandard2.0))
      System.Runtime (>= 4.3) - restriction: || (&& (>= dnxcore50) (>= netstandard2.0)) (&& (< net45) (>= netstandard2.0))
      System.Runtime.Extensions (>= 4.3) - restriction: || (&& (>= dnxcore50) (>= netstandard2.0)) (&& (< net45) (>= netstandard2.0))
      System.Threading (>= 4.3) - restriction: || (&& (>= dnxcore50) (>= netstandard2.0)) (&& (< net45) (>= netstandard2.0))
    System.Memory (4.5) - restriction: && (< net45) (< netcoreapp2.1) (>= netstandard2.0)
      System.Buffers (>= 4.4) - restriction: || (&& (< net45) (< netcoreapp2.0) (< netcoreapp2.1) (>= netstandard2.0)) (&& (>= net461) (>= netstandard2.0)) (&& (< netstandard1.1) (>= netstandard2.0) (>= win8)) (&& (< netstandard1.1) (>= netstandard2.0) (< win8))
      System.Numerics.Vectors (>= 4.4) - restriction: || (&& (< net45) (< netcoreapp2.0) (< netcoreapp2.1) (>= netstandard2.0)) (&& (>= net461) (>= netstandard2.0))
      System.Runtime.CompilerServices.Unsafe (>= 4.5) - restriction: || (&& (< net45) (< netcoreapp2.1) (>= netstandard2.0)) (&& (>= net461) (>= netstandard2.0)) (>= netcoreapp2.0) (&& (< netstandard1.1) (>= netstandard2.0) (>= win8)) (&& (< netstandard1.1) (>= netstandard2.0) (< win8)) (&& (>= netstandard2.0) (>= uap10.1))
    System.Numerics.Vectors (4.5) - restriction: || (&& (< net45) (>= net461) (>= netstandard2.0)) (&& (< net45) (< netcoreapp2.0) (< netcoreapp2.1) (>= netstandard2.0))
    System.ObjectModel (4.3) - restriction: && (< net40) (>= netstandard2.0)
      System.Collections (>= 4.3) - restriction: || (&& (>= dnxcore50) (>= netstandard2.0)) (&& (< net45) (>= netstandard2.0) (< win8) (< wpa81))
      System.Diagnostics.Debug (>= 4.3) - restriction: || (&& (>= dnxcore50) (>= netstandard2.0)) (&& (< net45) (>= netstandard2.0) (< win8) (< wpa81))
      System.Resources.ResourceManager (>= 4.3) - restriction: || (&& (>= dnxcore50) (>= netstandard2.0)) (&& (< net45) (>= netstandard2.0) (< win8) (< wpa81))
      System.Runtime (>= 4.3) - restriction: || (&& (>= dnxcore50) (>= netstandard2.0)) (&& (< net45) (>= netstandard2.0) (< win8) (< wpa81))
      System.Threading (>= 4.3) - restriction: || (&& (>= dnxcore50) (>= netstandard2.0)) (&& (< net45) (>= netstandard2.0) (< win8) (< wpa81))
    System.Reflection (4.3) - restriction: || (&& (>= dnxcore50) (>= netstandard2.0)) (&& (< net40) (>= netstandard2.0)) (&& (< net45) (< netstandard1.2) (>= netstandard2.0) (< win8)) (&& (< net45) (>= netstandard2.0) (< win8) (< wpa81)) (&& (>= netcoreapp1.1) (>= netstandard2.0))
      Microsoft.NETCore.Platforms (>= 1.1) - restriction: || (&& (>= dnxcore50) (>= netstandard2.0)) (&& (< net45) (>= netstandard2.0) (< win8) (< wpa81))
      Microsoft.NETCore.Targets (>= 1.1) - restriction: || (&& (>= dnxcore50) (>= netstandard2.0)) (&& (< net45) (>= netstandard2.0) (< win8) (< wpa81))
      System.IO (>= 4.3) - restriction: || (&& (>= dnxcore50) (>= netstandard2.0)) (&& (< net45) (>= netstandard2.0) (< win8) (< wpa81))
      System.Reflection.Primitives (>= 4.3) - restriction: || (&& (>= dnxcore50) (>= netstandard2.0)) (&& (< net45) (>= netstandard2.0) (< win8) (< wpa81))
      System.Runtime (>= 4.3) - restriction: || (&& (>= dnxcore50) (>= netstandard2.0)) (&& (< net45) (>= netstandard2.0) (< win8) (< wpa81))
    System.Reflection.Emit (4.3) - restriction: && (< net40) (>= netstandard2.0)
      System.IO (>= 4.3) - restriction: && (< net45) (>= netstandard2.0)
      System.Reflection (>= 4.3) - restriction: && (< net45) (>= netstandard2.0)
      System.Reflection.Emit.ILGeneration (>= 4.3) - restriction: && (< net45) (>= netstandard2.0)
      System.Reflection.Primitives (>= 4.3) - restriction: && (< net45) (>= netstandard2.0)
      System.Runtime (>= 4.3) - restriction: && (< net45) (>= netstandard2.0)
    System.Reflection.Emit.ILGeneration (4.3) - restriction: || (&& (>= dnxcore50) (>= netstandard2.0)) (&& (< net40) (>= netstandard2.0))
      System.Reflection (>= 4.3) - restriction: && (< net45) (>= netstandard2.0)
      System.Reflection.Primitives (>= 4.3) - restriction: && (< net45) (>= netstandard2.0)
      System.Runtime (>= 4.3) - restriction: && (< net45) (>= netstandard2.0)
    System.Reflection.Emit.Lightweight (4.3) - restriction: || (&& (>= dnxcore50) (>= netstandard2.0)) (&& (< net40) (>= netstandard2.0))
      System.Reflection (>= 4.3) - restriction: && (< net45) (>= netstandard2.0)
      System.Reflection.Emit.ILGeneration (>= 4.3) - restriction: && (< net45) (>= netstandard2.0)
      System.Reflection.Primitives (>= 4.3) - restriction: && (< net45) (>= netstandard2.0)
      System.Runtime (>= 4.3) - restriction: && (< net45) (>= netstandard2.0)
    System.Reflection.Extensions (4.3) - restriction: || (&& (>= dnxcore50) (>= netstandard2.0)) (&& (< net40) (>= netstandard2.0))
      Microsoft.NETCore.Platforms (>= 1.1) - restriction: || (&& (>= dnxcore50) (>= netstandard2.0)) (&& (< net45) (>= netstandard2.0) (< win8) (< wpa81))
      Microsoft.NETCore.Targets (>= 1.1) - restriction: || (&& (>= dnxcore50) (>= netstandard2.0)) (&& (< net45) (>= netstandard2.0) (< win8) (< wpa81))
      System.Reflection (>= 4.3) - restriction: || (&& (>= dnxcore50) (>= netstandard2.0)) (&& (< net45) (>= netstandard2.0) (< win8) (< wpa81))
      System.Runtime (>= 4.3) - restriction: || (&& (>= dnxcore50) (>= netstandard2.0)) (&& (< net45) (>= netstandard2.0) (< win8) (< wpa81))
    System.Reflection.Metadata (1.6)
      System.Collections.Immutable (>= 1.5) - restriction: || (&& (>= net45) (>= netstandard2.0)) (&& (< netcoreapp2.1) (>= netstandard2.0)) (&& (< netstandard1.1) (>= netstandard2.0) (>= win8)) (&& (< netstandard1.1) (>= netstandard2.0) (< win8))
    System.Reflection.Primitives (4.3) - restriction: || (&& (>= dnxcore50) (>= netstandard2.0)) (&& (< net40) (>= netstandard2.0))
      Microsoft.NETCore.Platforms (>= 1.1) - restriction: || (&& (>= dnxcore50) (>= netstandard2.0)) (&& (< net45) (>= netstandard2.0) (< win8) (< wpa81))
      Microsoft.NETCore.Targets (>= 1.1) - restriction: || (&& (>= dnxcore50) (>= netstandard2.0)) (&& (< net45) (>= netstandard2.0) (< win8) (< wpa81))
      System.Runtime (>= 4.3) - restriction: || (&& (>= dnxcore50) (>= netstandard2.0)) (&& (< net45) (>= netstandard2.0) (< win8) (< wpa81))
    System.Reflection.TypeExtensions (4.5) - restriction: || (&& (>= dnxcore50) (>= netstandard2.0)) (&& (< net40) (>= netstandard2.0))
    System.Resources.ResourceManager (4.3) - restriction: || (&& (>= dnxcore50) (>= netstandard2.0)) (&& (< net40) (>= netstandard2.0))
      Microsoft.NETCore.Platforms (>= 1.1) - restriction: || (&& (>= dnxcore50) (>= netstandard2.0)) (&& (< net45) (>= netstandard2.0) (< win8) (< wpa81))
      Microsoft.NETCore.Targets (>= 1.1) - restriction: || (&& (>= dnxcore50) (>= netstandard2.0)) (&& (< net45) (>= netstandard2.0) (< win8) (< wpa81))
      System.Globalization (>= 4.3) - restriction: || (&& (>= dnxcore50) (>= netstandard2.0)) (&& (< net45) (>= netstandard2.0) (< win8) (< wpa81))
      System.Reflection (>= 4.3) - restriction: || (&& (>= dnxcore50) (>= netstandard2.0)) (&& (< net45) (>= netstandard2.0) (< win8) (< wpa81))
      System.Runtime (>= 4.3) - restriction: || (&& (>= dnxcore50) (>= netstandard2.0)) (&& (< net45) (>= netstandard2.0) (< win8) (< wpa81))
    System.Runtime (4.3) - restriction: || (&& (>= dnxcore50) (>= netstandard2.0)) (&& (< net40) (>= netstandard2.0) (< win8) (< wpa81)) (&& (< net46) (>= netstandard2.0))
      Microsoft.NETCore.Platforms (>= 1.1) - restriction: || (&& (>= dnxcore50) (>= netstandard2.0)) (&& (< net45) (< netstandard1.2) (>= netstandard2.0) (< win8)) (&& (< net45) (>= netstandard2.0) (< win8) (< wpa81))
      Microsoft.NETCore.Targets (>= 1.1) - restriction: || (&& (>= dnxcore50) (>= netstandard2.0)) (&& (< net45) (< netstandard1.2) (>= netstandard2.0) (< win8)) (&& (< net45) (>= netstandard2.0) (< win8) (< wpa81))
    System.Runtime.CompilerServices.Unsafe (4.5) - restriction: || (&& (< net45) (>= net461) (>= netstandard2.0)) (&& (< net45) (< netcoreapp2.1) (>= netstandard2.0)) (>= netcoreapp2.0) (&& (< netstandard1.1) (>= netstandard2.0) (>= win8)) (&& (< netstandard1.1) (>= netstandard2.0) (< win8)) (&& (>= netstandard2.0) (>= uap10.1))
    System.Runtime.Extensions (4.3) - restriction: || (&& (>= dnxcore50) (>= netstandard2.0)) (&& (< net40) (>= netstandard2.0) (< win8) (< wpa81)) (&& (< net46) (>= netstandard2.0))
      Microsoft.NETCore.Platforms (>= 1.1) - restriction: || (&& (>= dnxcore50) (>= netstandard2.0)) (&& (< net45) (>= netstandard2.0) (< win8) (< wpa81))
      Microsoft.NETCore.Targets (>= 1.1) - restriction: || (&& (>= dnxcore50) (>= netstandard2.0)) (&& (< net45) (>= netstandard2.0) (< win8) (< wpa81))
      System.Runtime (>= 4.3) - restriction: || (&& (>= dnxcore50) (>= netstandard2.0)) (&& (< net45) (>= netstandard2.0) (< win8) (< wpa81))
    System.Runtime.Handles (4.3) - restriction: || (&& (>= dnxcore50) (>= netstandard2.0)) (&& (< net45) (>= netstandard2.0) (< win8) (< wpa81)) (&& (< net46) (>= netstandard2.0)) (&& (>= netcoreapp1.1) (>= netstandard2.0))
      Microsoft.NETCore.Platforms (>= 1.1) - restriction: && (< net46) (>= netstandard2.0)
      Microsoft.NETCore.Targets (>= 1.1) - restriction: && (< net46) (>= netstandard2.0)
      System.Runtime (>= 4.3) - restriction: && (< net46) (>= netstandard2.0)
    System.Runtime.InteropServices (4.3) - restriction: && (< net46) (>= netstandard2.0)
      Microsoft.NETCore.Platforms (>= 1.1) - restriction: || (&& (>= dnxcore50) (>= netstandard2.0)) (&& (< net45) (< netstandard1.2) (>= netstandard2.0) (< win8)) (&& (< net45) (>= netstandard2.0) (< win8) (< wpa81)) (&& (>= netcoreapp1.1) (>= netstandard2.0))
      Microsoft.NETCore.Targets (>= 1.1) - restriction: || (&& (>= dnxcore50) (>= netstandard2.0)) (&& (< net45) (< netstandard1.2) (>= netstandard2.0) (< win8)) (&& (< net45) (>= netstandard2.0) (< win8) (< wpa81)) (&& (>= netcoreapp1.1) (>= netstandard2.0))
      System.Reflection (>= 4.3) - restriction: || (&& (>= dnxcore50) (>= netstandard2.0)) (&& (< net45) (< netstandard1.2) (>= netstandard2.0) (< win8)) (&& (< net45) (>= netstandard2.0) (< win8) (< wpa81)) (&& (>= netcoreapp1.1) (>= netstandard2.0))
      System.Reflection.Primitives (>= 4.3) - restriction: || (&& (>= dnxcore50) (>= netstandard2.0)) (&& (< net45) (< netstandard1.2) (>= netstandard2.0) (< win8)) (&& (< net45) (>= netstandard2.0) (< win8) (< wpa81)) (&& (>= netcoreapp1.1) (>= netstandard2.0))
      System.Runtime (>= 4.3) - restriction: || (&& (>= dnxcore50) (>= netstandard2.0)) (&& (< net45) (< netstandard1.2) (>= netstandard2.0) (< win8)) (&& (< net45) (>= netstandard2.0) (< win8) (< wpa81)) (&& (>= net462) (>= netstandard2.0)) (&& (>= netcoreapp1.1) (>= netstandard2.0))
      System.Runtime.Handles (>= 4.3) - restriction: || (&& (>= dnxcore50) (>= netstandard2.0)) (&& (< net45) (>= netstandard2.0) (< win8) (< wpa81)) (&& (>= netcoreapp1.1) (>= netstandard2.0))
    System.Runtime.InteropServices.RuntimeInformation (4.3) - restriction: && (>= net461) (>= netstandard2.0)
    System.Security.AccessControl (4.5) - restriction: || (&& (>= monoandroid) (>= netstandard2.0)) (&& (>= monotouch) (>= netstandard2.0)) (&& (< net45) (>= netstandard2.0)) (&& (>= netstandard2.0) (>= xamarinios)) (&& (>= netstandard2.0) (>= xamarinmac)) (&& (>= netstandard2.0) (>= xamarintvos)) (&& (>= netstandard2.0) (>= xamarinwatchos))
      Microsoft.NETCore.Platforms (>= 2.0) - restriction: >= netcoreapp2.0
      System.Security.Principal.Windows (>= 4.5)
    System.Security.Cryptography.Cng (4.5)
      Microsoft.NETCore.Platforms (>= 2.0) - restriction: >= netcoreapp2.0
    System.Security.Cryptography.ProtectedData (4.5) - restriction: && (< net45) (>= netstandard2.0)
      System.Memory (>= 4.5) - restriction: && (< net46) (< netcoreapp2.1) (>= netstandard2.0)
    System.Security.Permissions (4.5) - restriction: || (&& (>= monoandroid) (>= netstandard2.0)) (&& (>= monotouch) (>= netstandard2.0)) (&& (< net45) (>= netstandard2.0)) (&& (>= netstandard2.0) (>= xamarinios)) (&& (>= netstandard2.0) (>= xamarinmac)) (&& (>= netstandard2.0) (>= xamarintvos)) (&& (>= netstandard2.0) (>= xamarinwatchos))
      System.Security.AccessControl (>= 4.5)
    System.Security.Principal.Windows (4.5) - restriction: || (&& (>= monoandroid) (>= netstandard2.0)) (&& (>= monotouch) (>= netstandard2.0)) (&& (< net45) (>= netstandard2.0)) (>= netcoreapp2.0) (&& (>= netstandard2.0) (>= xamarinios)) (&& (>= netstandard2.0) (>= xamarinmac)) (&& (>= netstandard2.0) (>= xamarintvos)) (&& (>= netstandard2.0) (>= xamarinwatchos))
      Microsoft.NETCore.Platforms (>= 2.0) - restriction: >= netcoreapp2.0
    System.Text.Encoding (4.3) - restriction: || (&& (>= dnxcore50) (>= netstandard2.0)) (&& (< net40) (>= netstandard2.0)) (&& (< net45) (>= netstandard2.0) (< win8) (< wpa81))
      Microsoft.NETCore.Platforms (>= 1.1) - restriction: || (&& (>= dnxcore50) (>= netstandard2.0)) (&& (< net45) (>= netstandard2.0) (< win8) (< wpa81))
      Microsoft.NETCore.Targets (>= 1.1) - restriction: || (&& (>= dnxcore50) (>= netstandard2.0)) (&& (< net45) (>= netstandard2.0) (< win8) (< wpa81))
      System.Runtime (>= 4.3) - restriction: || (&& (>= dnxcore50) (>= netstandard2.0)) (&& (< net45) (>= netstandard2.0) (< win8) (< wpa81))
    System.Threading (4.3) - restriction: || (&& (>= dnxcore50) (>= netstandard2.0)) (&& (< net40) (>= netstandard2.0))
      System.Runtime (>= 4.3) - restriction: || (&& (>= dnxcore50) (>= netstandard2.0)) (&& (< net45) (>= netstandard2.0) (< win8) (< wpa81))
      System.Threading.Tasks (>= 4.3) - restriction: || (&& (>= dnxcore50) (>= netstandard2.0)) (&& (< net45) (>= netstandard2.0) (< win8) (< wpa81))
    System.Threading.Tasks (4.3) - restriction: || (&& (>= dnxcore50) (>= netstandard2.0)) (&& (< net45) (>= netstandard2.0) (< win8) (< wpa81)) (&& (< net46) (>= netstandard2.0))
      Microsoft.NETCore.Platforms (>= 1.1) - restriction: || (&& (>= dnxcore50) (>= netstandard2.0)) (&& (< net45) (>= netstandard2.0) (< win8) (< wpa81))
      Microsoft.NETCore.Targets (>= 1.1) - restriction: || (&& (>= dnxcore50) (>= netstandard2.0)) (&& (< net45) (>= netstandard2.0) (< win8) (< wpa81))
      System.Runtime (>= 4.3) - restriction: || (&& (>= dnxcore50) (>= netstandard2.0)) (&& (< net45) (>= netstandard2.0) (< win8) (< wpa81))
GITHUB
  remote: bitthicket/logary
    src/Logary.Facade/Facade.fs (896c5dd6c9e49ca4b7ea13b3f21093141db3a116)
GROUP Build
NUGET
  remote: https://api.nuget.org/v3/index.json
    FAKE (5.0)
